GEM
  remote: https://rubygems.org/
  specs:
    ansi (1.4.3)
    capistrano (3.2.1)
      i18n
      rake (>= 10.0.0)
      sshkit (~> 1.3)
    capistrano-bundler (1.1.3)
      capistrano (~> 3.1)
      sshkit (~> 1.2)
    capistrano-rails (1.1.2)
      capistrano (~> 3.1)
      capistrano-bundler (~> 1.1)
    colorize (0.7.3)
    hashie (3.3.1)
    i18n (0.6.11)
    itamae (1.0.7)
      ansi
      hashie
      specinfra (~> 2.1.0)
      thor
    net-scp (1.2.1)
      net-ssh (>= 2.6.5)
    net-ssh (2.9.1)
    rake (10.3.2)
    specinfra (2.1.1)
      net-scp
      net-ssh
    sshkit (1.5.1)
      colorize
      net-scp (>= 1.1.2)
      net-ssh (>= 2.8.0)
    thor (0.19.1)

PLATFORMS
  ruby

DEPENDENCIES
  capistrano
  capistrano-bundler
  capistrano-rails
  itamae
  rake
